PATH
  remote: .
  specs:
    attr_cleaner (0.0.3)
      activerecord (~> 3.0.0)
      activesupport (~> 3.0.0)

GEM
  remote: http://rubygems.org/
  specs:
    activemodel (3.0.3)
      activesupport (= 3.0.3)
      builder (~> 2.1.2)
      i18n (~> 0.4)
    activerecord (3.0.3)
      activemodel (= 3.0.3)
      activesupport (= 3.0.3)
      arel (~> 2.0.2)
      tzinfo (~> 0.3.23)
    activesupport (3.0.3)
    arel (2.0.6)
    builder (2.1.2)
    i18n (0.5.0)
    tzinfo (0.3.23)

PLATFORMS
  ruby

DEPENDENCIES
  activerecord (~> 3.0.0)
  activesupport (~> 3.0.0)
  attr_cleaner!
